PATH
  remote: .
  specs:
    financialTrackerConsoleApp (0.1.0)

GEM
  remote: https://rubygems.org/
  specs:
    minitest (5.16.3)
    pg (1.4.3-x64-mingw-ucrt)
    rake (13.0.6)

PLATFORMS
  x64-mingw-ucrt

DEPENDENCIES
  financialTrackerConsoleApp!
  minitest (~> 5.0)
  pg (~> 1.4, >= 1.4.3)
  rake (~> 13.0)

BUNDLED WITH
   2.3.21
